GEM
  remote: https://rubygems.org/
  specs:
    mini_portile2 (2.4.0)
    nokogiri (1.10.1)
      mini_portile2 (~> 2.4.0)
    redcarpet (3.4.0)
    yard (0.9.18)

PLATFORMS
  ruby

DEPENDENCIES
  nokogiri
  redcarpet
  yard

BUNDLED WITH
   1.17.3
