GEM
  remote: https://rubygems.org/
  specs:
    mini_portile2 (2.8.0)
    nokogiri (1.13.4)
      mini_portile2 (~> 2.8.0)
      racc (~> 1.4)
    nokogiri (1.13.4-x86_64-darwin)
      racc (~> 1.4)
    racc (1.6.0)
    redcarpet (3.5.1)
    yard (0.9.26)

PLATFORMS
  ruby
  x86_64-darwin-20

DEPENDENCIES
  nokogiri
  redcarpet
  yard

BUNDLED WITH
   2.2.19
