GEM
  remote: https://rubygems.org/
  specs:
    mini_portile2 (2.3.0)
    nokogiri (1.8.2)
      mini_portile2 (~> 2.3.0)
    redcarpet (3.4.0)
    yard (0.9.12)

PLATFORMS
  ruby

DEPENDENCIES
  nokogiri
  redcarpet
  yard

BUNDLED WITH
   1.16.1
