GEM
  remote: https://rubygems.org/
  specs:
    mini_portile2 (2.5.3)
    nokogiri (1.11.7)
      mini_portile2 (~> 2.5.0)
      racc (~> 1.4)
    nokogiri (1.11.7-x86_64-darwin)
      racc (~> 1.4)
    racc (1.5.2)
    redcarpet (3.5.1)
    yard (0.9.26)

PLATFORMS
  ruby
  x86_64-darwin-20

DEPENDENCIES
  nokogiri
  redcarpet
  yard

BUNDLED WITH
   2.2.19
