GEM
  remote: https://rubygems.org/
  specs:
    mini_portile2 (2.4.0)
    nokogiri (1.10.7)
      mini_portile2 (~> 2.4.0)
    redcarpet (3.5.0)
    yard (0.9.20)

PLATFORMS
  ruby

DEPENDENCIES
  nokogiri
  redcarpet
  yard

BUNDLED WITH
   2.1.2
