GEM
  remote: https://rubygems.org/
  specs:
    mini_portile2 (2.4.0)
    nokogiri (1.10.10)
      mini_portile2 (~> 2.4.0)
    redcarpet (3.5.1)
    yard (0.9.25)

PLATFORMS
  ruby

DEPENDENCIES
  nokogiri
  redcarpet
  yard

BUNDLED WITH
   2.1.4
