GEM
  remote: https://rubygems.org/
  specs:
    mini_portile2 (2.5.0)
    nokogiri (1.11.0)
      mini_portile2 (~> 2.5.0)
      racc (~> 1.4)
    racc (1.5.2)
    redcarpet (3.5.0)
    yard (0.9.25)

PLATFORMS
  ruby

DEPENDENCIES
  nokogiri
  redcarpet
  yard

BUNDLED WITH
   2.1.4
